PATH
  remote: .
  specs:
    nexus_parser (1.1.4)

GEM
  remote: https://rubygems.org/
  specs:
    byebug (11.1.3)
    psych (5.1.2)
      stringio
    rake (13.1.0)
    rdoc (6.6.3.1)
      psych (>= 4.0.0)
    stringio (3.1.0)

PLATFORMS
  ruby
  x86_64-linux

DEPENDENCIES
  bundler (~> 2.0)
  byebug (~> 11.1)
  nexus_parser!
  rake (~> 13.0)
  rdoc (~> 6.6.2)

BUNDLED WITH
   2.5.3
