PATH
  remote: .
  specs:
    nexus_parser (0.1.0)

GEM
  remote: https://rubygems.org/
  specs:
    rake (13.1.0)

PLATFORMS
  ruby
  x86_64-linux

DEPENDENCIES
  nexus_parser!
  rake (~> 13.0)

BUNDLED WITH
   2.5.3
