PATH
  remote: .
  specs:
    nexus_parser (0.1.0)

GEM
  remote: https://rubygems.org/
  specs:
    psych (5.1.2)
      stringio
    rake (13.1.0)
    rdoc (6.6.3.1)
      psych (>= 4.0.0)
    stringio (3.1.0)

PLATFORMS
  ruby
  x86_64-linux

DEPENDENCIES
  nexus_parser!
  rake (~> 13.0)
  rdoc (~> 6.6.2)

BUNDLED WITH
   2.5.3
